GEM
  remote: https://rubygems.org/
  specs:
    mustermann (1.0.2)
    pg (1.0.0-x64-mingw32)
    rack (2.0.5)
    rack-protection (2.0.1)
      rack
    sinatra (2.0.1)
      mustermann (~> 1.0)
      rack (~> 2.0)
      rack-protection (= 2.0.1)
      tilt (~> 2.0)
    tilt (2.0.8)

PLATFORMS
  x64-mingw32

DEPENDENCIES
  pg
  sinatra

RUBY VERSION
   ruby 2.4.2p198

BUNDLED WITH
   1.16.2
